GEM
  remote: https://rubygems.org/
  specs:
    adsf (1.2.0)
      rack (>= 1.0.0)
    builder (3.2.2)
    colored (1.2)
    cri (2.5.0)
      colored (~> 1.2)
    kgio (2.9.2)
    nanoc (3.6.7)
      cri (~> 2.3)
    rack (1.5.2)
    raindrops (0.13.0)
    unicorn (4.8.3)
      kgio (~> 2.6)
      rack
      raindrops (~> 0.7)
    xml-sitemap (1.3.3)
      builder (>= 2.0)

PLATFORMS
  ruby

DEPENDENCIES
  adsf
  builder
  bundler
  nanoc
  unicorn
  xml-sitemap
